PATH
  remote: .
  specs:
    prawn-templates (0.0.1)
      pdf-reader (~> 1.2)
      prawn (>= 0.15.0)

GEM
  remote: https://rubygems.org/
  specs:
    Ascii85 (1.0.2)
    afm (0.2.0)
    diff-lcs (1.2.5)
    hashery (2.1.1)
    pdf-core (0.1.1)
      pdf-reader (~> 1.2)
      ruby-rc4
      ttfunk (~> 1.1.0)
    pdf-inspector (1.1.0)
      pdf-reader (~> 1.0)
    pdf-reader (1.3.3)
      Ascii85 (~> 1.0.0)
      afm (~> 0.2.0)
      hashery (~> 2.0)
      ruby-rc4
      ttfunk
    prawn (0.15.0)
      pdf-core (~> 0.1.1)
      pdf-reader (~> 1.2)
      ruby-rc4
      ttfunk (~> 1.1.0)
    rake (10.1.1)
    rspec (2.14.1)
      rspec-core (~> 2.14.0)
      rspec-expectations (~> 2.14.0)
      rspec-mocks (~> 2.14.0)
    rspec-core (2.14.7)
    rspec-expectations (2.14.4)
      diff-lcs (>= 1.1.3, < 2.0)
    rspec-mocks (2.14.4)
    ruby-rc4 (0.1.5)
    ttfunk (1.1.0)

PLATFORMS
  ruby

DEPENDENCIES
  pdf-inspector (~> 1.1.0)
  prawn-templates!
  rake
  rspec
